GEM
  remote: http://rubygems.org/
  specs:
    abstract (1.0.0)
    actionmailer (3.0.6)
      actionpack (= 3.0.6)
      mail (~> 2.2.15)
    actionpack (3.0.6)
      activemodel (= 3.0.6)
      activesupport (= 3.0.6)
      builder (~> 2.1.2)
      erubis (~> 2.6.6)
      i18n (~> 0.5.0)
      rack (~> 1.2.1)
      rack-mount (~> 0.6.14)
      rack-test (~> 0.5.7)
      tzinfo (~> 0.3.23)
    activemodel (3.0.6)
      activesupport (= 3.0.6)
      builder (~> 2.1.2)
      i18n (~> 0.5.0)
    activerecord (3.0.6)
      activemodel (= 3.0.6)
      activesupport (= 3.0.6)
      arel (~> 2.0.2)
      tzinfo (~> 0.3.23)
    activeresource (3.0.6)
      activemodel (= 3.0.6)
      activesupport (= 3.0.6)
    activesupport (3.0.6)
    annotate (2.4.0)
    archive-tar-minitar (0.5.2)
    arel (2.0.10)
    builder (2.1.2)
    chunky_png (1.2.0)
    columnize (0.3.3)
    compass (0.11.4)
      chunky_png (~> 1.2)
      fssm (>= 0.2.7)
      sass (~> 3.1)
    date_validator (0.6.2)
      activemodel (>= 3.0.0, < 3.2.0)
    diff-lcs (1.1.2)
    email_veracity_checker (0.0.2)
    erubis (2.6.6)
      abstract (>= 1.0.0)
    event-calendar (2.3.3)
    fssm (0.2.7)
    haml (3.1.2)
    i18n (0.5.0)
    jquery-rails (1.0.9)
      railties (~> 3.0)
      thor (~> 0.14)
    linecache19 (0.5.12)
      ruby_core_source (>= 0.1.4)
    mail (2.2.19)
      activesupport (>= 2.3.6)
      i18n (>= 0.4.0)
      mime-types (~> 1.16)
      treetop (~> 1.4.8)
    mime-types (1.16)
    nokogiri (1.5.0)
    polyglot (0.3.1)
    rack (1.2.3)
    rack-mount (0.6.14)
      rack (>= 1.0.0)
    rack-ssl (1.3.2)
      rack
    rack-test (0.5.7)
      rack (>= 1.0)
    rails (3.0.6)
      actionmailer (= 3.0.6)
      actionpack (= 3.0.6)
      activerecord (= 3.0.6)
      activeresource (= 3.0.6)
      activesupport (= 3.0.6)
      bundler (~> 1.0)
      railties (= 3.0.6)
    railties (3.0.6)
      actionpack (= 3.0.6)
      activesupport (= 3.0.6)
      rake (>= 0.8.7)
      thor (~> 0.14.4)
    rake (0.8.7)
    rspec (2.0.1)
      rspec-core (~> 2.0.1)
      rspec-expectations (~> 2.0.1)
      rspec-mocks (~> 2.0.1)
    rspec-core (2.0.1)
    rspec-expectations (2.0.1)
      diff-lcs (>= 1.1.2)
    rspec-mocks (2.0.1)
      rspec-core (~> 2.0.1)
      rspec-expectations (~> 2.0.1)
    rspec-rails (2.0.1)
      rspec (~> 2.0.0)
    ruby-debug-base19 (0.11.25)
      columnize (>= 0.3.1)
      linecache19 (>= 0.5.11)
      ruby_core_source (>= 0.1.4)
    ruby-debug-base19x (0.11.29)
      columnize (>= 0.3.1)
      linecache19 (>= 0.5.11)
      rake (>= 0.8.1)
      ruby_core_source (>= 0.1.4)
    ruby-debug-ide19 (0.4.12)
      ruby-debug-base19 (~> 0.11.20)
    ruby_core_source (0.1.5)
      archive-tar-minitar (>= 0.5.2)
    sass (3.1.3)
    spork (0.8.4)
    sqlite3 (1.3.3)
    sqlite3-ruby (1.3.3)
      sqlite3 (>= 1.3.3)
    thor (0.14.6)
    treetop (1.4.9)
      polyglot (>= 0.3.1)
    tzinfo (0.3.29)
    webrat (0.7.1)
      nokogiri (>= 1.2.0)
      rack (>= 1.0)
      rack-test (>= 0.5.3)
    will_paginate (3.0.1)

PLATFORMS
  ruby

DEPENDENCIES
  actionmailer (= 3.0.6)
  activesupport (= 3.0.6)
  annotate (= 2.4.0)
  compass
  date_validator
  email_veracity_checker
  event-calendar (= 2.3.3)
  haml
  jquery-rails
  mail (= 2.2.19)
  rack-ssl
  rails (= 3.0.6)
  rake (= 0.8.7)
  rspec-rails (= 2.0.1)
  ruby-debug-base19x
  ruby-debug-ide19
  sass (= 3.1.3)
  spork (= 0.8.4)
  sqlite3-ruby
  webrat (= 0.7.1)
  will_paginate
